GEM
  remote: https://rubygems.org/
  specs:
    ast (2.3.0)
    aws-sdk (2.5.4)
      aws-sdk-resources (= 2.5.4)
    aws-sdk-core (2.5.4)
      jmespath (~> 1.0)
    aws-sdk-resources (2.5.4)
      aws-sdk-core (= 2.5.4)
    builder (3.2.2)
    cucumber (2.4.0)
      builder (>= 2.1.2)
      cucumber-core (~> 1.5.0)
      cucumber-wire (~> 0.0.1)
      diff-lcs (>= 1.1.3)
      gherkin (~> 4.0)
      multi_json (>= 1.7.5, < 2.0)
      multi_test (>= 0.1.2)
    cucumber-core (1.5.0)
      gherkin (~> 4.0)
    cucumber-wire (0.0.1)
    diff-lcs (1.2.5)
    gherkin (4.0.0)
    jmespath (1.3.1)
    keystore (0.1.5)
      aws-sdk (~> 2)
      trollop (~> 2)
    multi_json (1.12.1)
    multi_test (0.1.2)
    nyan-cat-formatter (0.11)
      rspec (>= 2.99, >= 2.14.2, < 4)
    parser (2.3.1.2)
      ast (~> 2.2)
    powerpack (0.1.1)
    rainbow (2.1.0)
    rspec (3.5.0)
      rspec-core (~> 3.5.0)
      rspec-expectations (~> 3.5.0)
      rspec-mocks (~> 3.5.0)
    rspec-core (3.5.2)
      rspec-support (~> 3.5.0)
    rspec-expectations (3.5.0)
      diff-lcs (>= 1.2.0, < 2.0)
      rspec-support (~> 3.5.0)
    rspec-mocks (3.5.0)
      diff-lcs (>= 1.2.0, < 2.0)
      rspec-support (~> 3.5.0)
    rspec-support (3.5.0)
    rubocop (0.42.0)
      parser (>= 2.3.1.1, < 3.0)
      powerpack (~> 0.1)
      rainbow (>= 1.99.1, < 3.0)
      ruby-progressbar (~> 1.7)
      unicode-display_width (~> 1.0, >= 1.0.1)
    ruby-progressbar (1.8.1)
    trollop (2.1.2)
    unicode-display_width (1.1.0)

PLATFORMS
  ruby

DEPENDENCIES
  aws-sdk-core
  cucumber
  keystore
  nyan-cat-formatter
  rspec
  rubocop
  trollop

BUNDLED WITH
   1.12.5
